GEM
  remote: https://rubygems.org/
  specs:
    dotenv (3.1.8)

PLATFORMS
  arm64-darwin-24
  ruby

DEPENDENCIES
  dotenv

BUNDLED WITH
   2.7.0
