GEM
  remote: https://rubygems.org/
  specs:
    byebug (12.0.0)
    dotenv (3.1.8)

PLATFORMS
  arm64-darwin-24
  ruby

DEPENDENCIES
  byebug
  dotenv

BUNDLED WITH
   2.7.0
